GIT
  remote: git://github.com/rails/rails.git
  revision: 0fde84c0f8c0db40110c27890525221751015e6d
  specs:
    actionmailer (3.1.0.beta1)
      actionpack (= 3.1.0.beta1)
      mail (~> 2.3.0)
    actionpack (3.1.0.beta1)
      activemodel (= 3.1.0.beta1)
      activesupport (= 3.1.0.beta1)
      builder (~> 3.0.0)
      erubis (~> 2.7.0)
      i18n (~> 0.6.0beta1)
      rack (~> 1.3.0.beta)
      rack-cache (~> 1.0.1)
      rack-mount (~> 0.7.2)
      rack-test (~> 0.6.0)
      sprockets (~> 2.0.0.beta.2)
      tzinfo (~> 0.3.27)
    activemodel (3.1.0.beta1)
      activesupport (= 3.1.0.beta1)
      bcrypt-ruby (~> 2.1.4)
      builder (~> 3.0.0)
      i18n (~> 0.6.0beta1)
    activerecord (3.1.0.beta1)
      activemodel (= 3.1.0.beta1)
      activesupport (= 3.1.0.beta1)
      arel (~> 2.1.0)
      tzinfo (~> 0.3.27)
    activeresource (3.1.0.beta1)
      activemodel (= 3.1.0.beta1)
      activesupport (= 3.1.0.beta1)
    activesupport (3.1.0.beta1)
      multi_json (~> 1.0)
    rails (3.1.0.beta1)
      actionmailer (= 3.1.0.beta1)
      actionpack (= 3.1.0.beta1)
      activerecord (= 3.1.0.beta1)
      activeresource (= 3.1.0.beta1)
      activesupport (= 3.1.0.beta1)
      bundler (~> 1.0)
      railties (= 3.1.0.beta1)
    railties (3.1.0.beta1)
      actionpack (= 3.1.0.beta1)
      activesupport (= 3.1.0.beta1)
      rack-ssl (~> 1.3.2)
      rake (>= 0.8.7)
      thor (~> 0.14.6)

GEM
  remote: http://rubygems.org/
  specs:
    addressable (2.2.5)
    ansi (1.2.5)
    arel (2.1.0)
    bcrypt-ruby (2.1.4)
    builder (3.0.0)
    capybara (1.0.0.beta1)
      mime-types (>= 1.16)
      nokogiri (>= 1.3.3)
      rack (>= 1.0.0)
      rack-test (>= 0.5.4)
      selenium-webdriver (>= 0.0.27)
      xpath (~> 0.1.4)
    childprocess (0.1.8)
      ffi (~> 1.0.6)
    chunky_png (1.2.0)
    coffee-script (2.2.0)
      coffee-script-source
      execjs
    coffee-script-source (1.1.0)
    compass (0.11.1)
      chunky_png (~> 1.1)
      fssm (>= 0.2.7)
      sass (~> 3.1)
    configuration (1.2.0)
    cucumber (0.10.2)
      builder (>= 2.1.2)
      diff-lcs (>= 1.1.2)
      gherkin (>= 2.3.5)
      json (>= 1.4.6)
      term-ansicolor (>= 1.0.5)
    cucumber-rails (0.5.0.beta1)
      capybara (>= 1.0.0.beta1)
      cucumber (>= 0.10.2)
      nokogiri (>= 1.4.4)
      rack-test (>= 0.5.7)
    database_cleaner (0.6.7)
    devise (1.3.4)
      bcrypt-ruby (~> 2.1.2)
      orm_adapter (~> 0.0.3)
      warden (~> 1.0.3)
    diff-lcs (1.1.2)
    erubis (2.7.0)
    execjs (0.3.3)
      multi_json (~> 1.0)
    factory_girl (1.3.3)
    factory_girl_rails (1.0.1)
      factory_girl (~> 1.3)
      railties (>= 3.0.0)
    faraday (0.6.1)
      addressable (~> 2.2.4)
      multipart-post (~> 1.1.0)
      rack (>= 1.1.0, < 2)
    ffi (1.0.7)
      rake (>= 0.8.7)
    fssm (0.2.7)
    gherkin (2.3.7)
      json (>= 1.4.6)
    hike (1.0.0)
    i18n (0.6.0beta1)
    jquery-rails (1.0)
      rails (~> 3.0)
      thor (~> 0.14)
    json (1.5.1)
    json_pure (1.5.1)
    launchy (0.4.0)
      configuration (>= 0.0.5)
      rake (>= 0.8.1)
    mail (2.3.0)
      i18n (>= 0.4.0)
      mime-types (~> 1.16)
      treetop (~> 1.4.8)
    mime-types (1.16)
    multi_json (1.0.1)
    multi_xml (0.2.2)
    multipart-post (1.1.0)
    nokogiri (1.4.4)
    oa-core (0.2.5)
    oa-oauth (0.2.5)
      faraday (~> 0.6.1)
      multi_json (~> 1.0.0)
      multi_xml (~> 0.2.2)
      oa-core (= 0.2.5)
      oauth (~> 0.4.0)
      oauth2 (~> 0.4.1)
    oauth (0.4.4)
    oauth2 (0.4.1)
      faraday (~> 0.6.1)
      multi_json (>= 0.0.5)
    orm_adapter (0.0.5)
    polyglot (0.3.1)
    rack (1.3.0.beta)
    rack-cache (1.0.1)
      rack (>= 0.4)
    rack-mount (0.7.2)
      rack (>= 1.0.0)
    rack-ssl (1.3.2)
      rack
    rack-test (0.6.0)
      rack (>= 1.0)
    rake (0.8.7)
    rspec (2.6.0.rc6)
      rspec-core (= 2.6.0.rc6)
      rspec-expectations (= 2.6.0.rc6)
      rspec-mocks (= 2.6.0.rc6)
    rspec-core (2.6.0.rc6)
    rspec-expectations (2.6.0.rc6)
      diff-lcs (~> 1.1.2)
    rspec-mocks (2.6.0.rc6)
    rspec-rails (2.6.0.rc6)
      actionpack (>= 3.0)
      activesupport (>= 3.0)
      railties (>= 3.0)
      rspec (= 2.6.0.rc6)
    rubyzip (0.9.4)
    sass (3.1.1)
    selenium-webdriver (0.2.0)
      childprocess (>= 0.1.7)
      ffi (>= 1.0.7)
      json_pure
      rubyzip
    sprockets (2.0.0.beta.2)
      hike (~> 1.0)
      rack (~> 1.0)
      tilt (~> 1.0)
    sqlite3 (1.3.3)
    term-ansicolor (1.0.5)
    thor (0.14.6)
    tilt (1.3)
    treetop (1.4.9)
      polyglot (>= 0.3.1)
    turn (0.8.2)
      ansi (>= 1.2.2)
    tzinfo (0.3.27)
    uglifier (0.5.1)
      execjs
      json
    warden (1.0.4)
      rack (>= 1.0)
    webrat (0.7.3)
      nokogiri (>= 1.2.0)
      rack (>= 1.0)
      rack-test (>= 0.5.3)
    xpath (0.1.4)
      nokogiri (~> 1.3)

PLATFORMS
  ruby

DEPENDENCIES
  capybara (~> 1.0.0.beta1)
  coffee-script
  compass
  cucumber-rails (~> 0.5.0.beta1)
  database_cleaner
  devise
  factory_girl_rails
  jquery-rails
  launchy
  oa-oauth
  rails!
  rspec-rails (>= 2.6.0.rc6)
  sass
  sqlite3
  turn
  uglifier
  webrat
